GEM
  remote: http://rubygems.org/
  specs:
    SystemTimer (1.2.1)
    abstract (1.0.0)
    actionmailer (3.0.3)
      actionpack (= 3.0.3)
      mail (~> 2.2.9)
    actionpack (3.0.3)
      activemodel (= 3.0.3)
      activesupport (= 3.0.3)
      builder (~> 2.1.2)
      erubis (~> 2.6.6)
      i18n (~> 0.4)
      rack (~> 1.2.1)
      rack-mount (~> 0.6.13)
      rack-test (~> 0.5.6)
      tzinfo (~> 0.3.23)
    activemodel (3.0.3)
      activesupport (= 3.0.3)
      builder (~> 2.1.2)
      i18n (~> 0.4)
    activerecord (3.0.3)
      activemodel (= 3.0.3)
      activesupport (= 3.0.3)
      arel (~> 2.0.2)
      tzinfo (~> 0.3.23)
    activeresource (3.0.3)
      activemodel (= 3.0.3)
      activesupport (= 3.0.3)
    activesupport (3.0.3)
    addressable (2.2.2)
    arel (2.0.7)
    bcrypt-ruby (2.1.4)
    builder (2.1.2)
    columnize (0.3.2)
    crack (0.1.8)
    daemons (1.1.0)
    database_cleaner (0.6.0)
    devise (1.1.5)
      bcrypt-ruby (~> 2.1.2)
      warden (~> 1.0.2)
    em-http-request (0.2.15)
      addressable (>= 2.0.0)
      eventmachine (>= 0.12.9)
    em-pusher (0.1.0)
      em-http-request (~> 0.2.10)
      ruby-hmac (~> 0.4.0)
      yajl-ruby (~> 0.7.6)
    em-websocket (0.2.0)
      addressable (>= 2.1.1)
      eventmachine (>= 0.12.9)
    erubis (2.6.6)
      abstract (>= 1.0.0)
    eventmachine (0.12.10)
    factory_girl (1.3.2)
    faraday (0.5.3)
      addressable (~> 2.2.2)
      multipart-post (~> 1.0.1)
      rack (>= 1.1.0, < 2)
    hoptoad_notifier (2.3.12)
      activesupport
      builder
    i18n (0.5.0)
    json (1.4.6)
    linecache (0.43)
    mail (2.2.15)
      activesupport (>= 2.3.6)
      i18n (>= 0.4.0)
      mime-types (~> 1.16)
      treetop (~> 1.4.8)
    mime-types (1.16)
    minimal (0.0.25)
      actionpack (>= 3.0.0)
      activesupport (>= 3.0.0)
    mocha (0.9.10)
      rake
    multi_json (0.0.5)
    multipart-post (1.0.1)
    oauth2 (0.1.0)
      faraday (~> 0.5.0)
      multi_json (~> 0.0.4)
    polyglot (0.3.1)
    pusher (0.7.0)
      crack (~> 0.1.0)
      json (~> 1.4.0)
      ruby-hmac (~> 0.4.0)
      signature (~> 0.1.2)
    rack (1.2.1)
    rack-mount (0.6.13)
      rack (>= 1.0.0)
    rack-test (0.5.7)
      rack (>= 1.0)
    rails (3.0.3)
      actionmailer (= 3.0.3)
      actionpack (= 3.0.3)
      activerecord (= 3.0.3)
      activeresource (= 3.0.3)
      activesupport (= 3.0.3)
      bundler (~> 1.0)
      railties (= 3.0.3)
    railties (3.0.3)
      actionpack (= 3.0.3)
      activesupport (= 3.0.3)
      rake (>= 0.8.7)
      thor (~> 0.14.4)
    rake (0.8.7)
    redis (2.1.1)
    redis-namespace (0.8.0)
      redis (< 3.0.0)
    resque (1.10.0)
      json (~> 1.4.6)
      redis-namespace (~> 0.8.0)
      sinatra (>= 0.9.2)
      vegas (~> 0.1.2)
    resque-meta (1.0.2)
      resque (~> 1.8)
    ruby-debug (0.10.4)
      columnize (>= 0.1)
      ruby-debug-base (~> 0.10.4.0)
    ruby-debug-base (0.10.4)
      linecache (>= 0.3)
    ruby-hmac (0.4.0)
    signature (0.1.2)
      ruby-hmac
    sinatra (1.1.0)
      rack (~> 1.1)
      tilt (~> 1.1)
    sqlite3-ruby (1.3.2)
    svenfuchs-devise_oauth2_authenticatable (0.1.4)
      devise (>= 1.0.0)
      json
      oauth2
    test_declarative (0.0.5)
    thin (1.2.7)
      daemons (>= 1.0.9)
      eventmachine (>= 0.12.6)
      rack (>= 1.0.0)
    thor (0.14.6)
    tilt (1.1)
    treetop (1.4.9)
      polyglot (>= 0.3.1)
    tzinfo (0.3.24)
    vegas (0.1.8)
      rack (>= 1.0.0)
    warden (1.0.3)
      rack (>= 1.0.0)
    web-socket-ruby (0.1.0)
    yajl-ruby (0.7.8)

PLATFORMS
  ruby

DEPENDENCIES
  SystemTimer
  database_cleaner
  devise
  em-http-request
  em-pusher
  em-websocket
  factory_girl
  hoptoad_notifier
  minimal
  mocha
  pusher
  rails (= 3.0.3)
  resque
  resque-meta
  ruby-debug
  sqlite3-ruby
  svenfuchs-devise_oauth2_authenticatable (= 0.1.4)
  test_declarative
  thin
  web-socket-ruby
